GEM
  remote: https://rubygems.org/
  specs:
    actioncable (7.0.4)
      actionpack (= 7.0.4)
      activesupport (= 7.0.4)
      nio4r (~> 2.0)
      websocket-driver (>= 0.6.1)
    actionmailbox (7.0.4)
      actionpack (= 7.0.4)
      activejob (= 7.0.4)
      activerecord (= 7.0.4)
      activestorage (= 7.0.4)
      activesupport (= 7.0.4)
      mail (>= 2.7.1)
      net-imap
      net-pop
      net-smtp
    actionmailer (7.0.4)
      actionpack (= 7.0.4)
      actionview (= 7.0.4)
      activejob (= 7.0.4)
      activesupport (= 7.0.4)
      mail (~> 2.5, >= 2.5.4)
      net-imap
      net-pop
      net-smtp
      rails-dom-testing (~> 2.0)
    actionpack (7.0.4)
      actionview (= 7.0.4)
      activesupport (= 7.0.4)
      rack (~> 2.0, >= 2.2.0)
      rack-test (>= 0.6.3)
      rails-dom-testing (~> 2.0)
      rails-html-sanitizer (~> 1.0, >= 1.2.0)
    actiontext (7.0.4)
      actionpack (= 7.0.4)
      activerecord (= 7.0.4)
      activestorage (= 7.0.4)
      activesupport (= 7.0.4)
      globalid (>= 0.6.0)
      nokogiri (>= 1.8.5)
    actionview (7.0.4)
      activesupport (= 7.0.4)
      builder (~> 3.1)
      erubi (~> 1.4)
      rails-dom-testing (~> 2.0)
      rails-html-sanitizer (~> 1.1, >= 1.2.0)
    active_hash (3.1.1)
      activesupport (>= 5.0.0)
    activejob (7.0.4)
      activesupport (= 7.0.4)
      globalid (>= 0.3.6)
    activemodel (7.0.4)
      activesupport (= 7.0.4)
    activerecord (7.0.4)
      activemodel (= 7.0.4)
      activesupport (= 7.0.4)
    activestorage (7.0.4)
      actionpack (= 7.0.4)
      activejob (= 7.0.4)
      activerecord (= 7.0.4)
      activesupport (= 7.0.4)
      marcel (~> 1.0)
      mini_mime (>= 1.1.0)
    activesupport (7.0.4)
      concurrent-ruby (~> 1.0, >= 1.0.2)
      i18n (>= 1.6, < 2)
      minitest (>= 5.1)
      tzinfo (~> 2.0)
    addressable (2.8.1)
      public_suffix (>= 2.0.2, < 6.0)
    ahoy_matey (4.1.0)
      activesupport (>= 5.2)
      device_detector
      safely_block (>= 0.2.1)
    ast (2.4.2)
    backports (3.23.0)
    bcrypt (3.1.18)
    better_errors (2.9.1)
      coderay (>= 1.0.0)
      erubi (>= 1.0.0)
      rack (>= 0.9.0)
    bindex (0.8.1)
    binding_of_caller (1.0.0)
      debug_inspector (>= 0.0.1)
    bootsnap (1.13.0)
      msgpack (~> 1.2)
    builder (3.2.4)
    byebug (11.1.3)
    capybara (3.37.1)
      addressable
      matrix
      mini_mime (>= 0.1.3)
      nokogiri (~> 1.8)
      rack (>= 1.6.0)
      rack-test (>= 0.6.3)
      regexp_parser (>= 1.5, < 3.0)
      xpath (~> 3.2)
    childprocess (4.1.0)
    coderay (1.1.3)
    combine_pdf (1.0.22)
      matrix
      ruby-rc4 (>= 0.1.5)
    concurrent-ruby (1.1.10)
    crass (1.0.6)
    cssbundling-rails (1.1.1)
      railties (>= 6.0.0)
    debug (1.6.3)
      irb (>= 1.3.6)
      reline (>= 0.3.1)
    debug_inspector (1.1.0)
    device_detector (1.0.7)
    devise (4.8.1)
      bcrypt (~> 3.0)
      orm_adapter (~> 0.1)
      railties (>= 4.1.0)
      responders
      warden (~> 1.2.3)
    dibber (0.7.0)
    diff-lcs (1.5.0)
    docile (1.4.0)
    dotenv (2.8.1)
    dotenv-rails (2.8.1)
      dotenv (= 2.8.1)
      railties (>= 3.2)
    dry-inflector (0.3.0)
    errbase (0.2.2)
    erubi (1.11.0)
    factory_bot (6.2.1)
      activesupport (>= 5.0.0)
    factory_bot_rails (6.2.0)
      factory_bot (~> 6.2.0)
      railties (>= 5.0.0)
    faker (3.0.0)
      i18n (>= 1.8.11, < 2)
    ffi (1.15.5)
    foreman (0.87.2)
    globalid (1.0.0)
      activesupport (>= 5.0)
    govspeak (7.0.0)
      actionview (>= 6)
      addressable (>= 2.3.8, < 3)
      govuk_publishing_components (>= 23)
      htmlentities (~> 4)
      i18n (>= 0.7)
      kramdown (>= 2.3.1)
      nokogiri (~> 1.12)
      rinku (~> 2.0)
      sanitize (~> 6)
    govuk-components (3.2.2)
      actionpack (>= 6.1)
      activemodel (>= 6.1)
      html-attributes-utils (~> 0.9, >= 0.9.2)
      pagy (~> 5.10.1)
      railties (>= 6.1)
      view_component (~> 2.74.1)
    govuk_app_config (4.10.1)
      logstasher (~> 2.1)
      plek (~> 4)
      prometheus_exporter (~> 2.0)
      puma (>= 5.6, < 7.0)
      rack-proxy (~> 0.7)
      sentry-rails (~> 5.3)
      sentry-ruby (~> 5.3)
      statsd-ruby (~> 1.5)
      unicorn (~> 6.1)
    govuk_design_system_formbuilder (3.1.2)
      actionview (>= 6.1)
      activemodel (>= 6.1)
      activesupport (>= 6.1)
      html-attributes-utils (~> 0.9, >= 0.9.2)
    govuk_notify_rails (2.2.0)
      notifications-ruby-client (~> 5.1)
      rails (>= 4.1.0)
    govuk_personalisation (0.12.0)
      plek (>= 1.9.0)
      rails (>= 6, < 8)
    govuk_publishing_components (32.0.0)
      govuk_app_config
      govuk_personalisation (>= 0.7.0)
      kramdown
      plek
      rails (>= 6)
      rouge
      sprockets (>= 3)
    grover (1.1.2)
      combine_pdf (~> 1.0)
      nokogiri (~> 1.0)
    html-attributes-utils (0.9.2)
      activesupport (>= 6.1.4.4)
    htmlentities (4.3.4)
    i18n (1.12.0)
      concurrent-ruby (~> 1.0)
    importmap-rails (1.1.5)
      actionpack (>= 6.0.0)
      railties (>= 6.0.0)
    io-console (0.5.11)
    irb (1.4.2)
      reline (>= 0.3.0)
    jbuilder (2.11.5)
      actionview (>= 5.0.0)
      activesupport (>= 5.0.0)
    jsbundling-rails (1.0.3)
      railties (>= 6.0.0)
    json (2.6.2)
    jwt (2.5.0)
    kgio (2.11.4)
    kramdown (2.4.0)
      rexml
    launchy (2.5.0)
      addressable (~> 2.7)
    logstasher (2.1.5)
      activesupport (>= 5.2)
      request_store
    loofah (2.19.0)
      crass (~> 1.0.2)
      nokogiri (>= 1.5.9)
    mail (2.7.1)
      mini_mime (>= 0.1.1)
    marcel (1.0.2)
    matrix (0.4.2)
    method_source (1.0.0)
    mini_mime (1.1.2)
    minitest (5.16.3)
    msgpack (1.6.0)
    net-imap (0.3.1)
      net-protocol
    net-pop (0.1.2)
      net-protocol
    net-protocol (0.1.3)
      timeout
    net-smtp (0.3.3)
      net-protocol
    nio4r (2.5.8)
    nokogiri (1.13.9-aarch64-linux)
      racc (~> 1.4)
    nokogiri (1.13.9-arm64-darwin)
      racc (~> 1.4)
    nokogiri (1.13.9-x86_64-darwin)
      racc (~> 1.4)
    nokogiri (1.13.9-x86_64-linux)
      racc (~> 1.4)
    notifications-ruby-client (5.4.0)
      jwt (>= 1.5, < 3)
    orm_adapter (0.5.0)
    pagy (5.10.1)
      activesupport
    parallel (1.22.1)
    parser (3.1.2.1)
      ast (~> 2.4.1)
    pg (1.4.4)
    plek (4.1.0)
    prometheus_exporter (2.0.3)
      webrick
    pry (0.14.1)
      coderay (~> 1.1)
      method_source (~> 1.0)
    pry-byebug (3.10.1)
      byebug (~> 11.0)
      pry (>= 0.13, < 0.15)
    pry-doc (1.3.0)
      pry (~> 0.11)
      yard (~> 0.9.11)
    pry-rails (0.3.9)
      pry (>= 0.10.4)
    public_suffix (5.0.0)
    puma (6.0.0)
      nio4r (~> 2.0)
    racc (1.6.0)
    rack (2.2.4)
    rack-proxy (0.7.4)
      rack
    rack-test (2.0.2)
      rack (>= 1.3)
    rails (7.0.4)
      actioncable (= 7.0.4)
      actionmailbox (= 7.0.4)
      actionmailer (= 7.0.4)
      actionpack (= 7.0.4)
      actiontext (= 7.0.4)
      actionview (= 7.0.4)
      activejob (= 7.0.4)
      activemodel (= 7.0.4)
      activerecord (= 7.0.4)
      activestorage (= 7.0.4)
      activesupport (= 7.0.4)
      bundler (>= 1.15.0)
      railties (= 7.0.4)
    rails-dom-testing (2.0.3)
      activesupport (>= 4.2.0)
      nokogiri (>= 1.6)
    rails-html-sanitizer (1.4.3)
      loofah (~> 2.3)
    railties (7.0.4)
      actionpack (= 7.0.4)
      activesupport (= 7.0.4)
      method_source
      rake (>= 12.2)
      thor (~> 1.0)
      zeitwerk (~> 2.5)
    rainbow (3.1.1)
    raindrops (0.20.0)
    rake (13.0.6)
    redcarpet (3.5.1)
    regexp_parser (2.6.0)
    reline (0.3.1)
      io-console (~> 0.5)
    request_store (1.5.1)
      rack (>= 1.4)
    responders (3.0.1)
      actionpack (>= 5.0)
      railties (>= 5.0)
    rexml (3.2.5)
    rinku (2.0.6)
    rouge (4.0.0)
    rspec-core (3.12.0)
      rspec-support (~> 3.12.0)
    rspec-expectations (3.12.0)
      diff-lcs (>= 1.2.0, < 2.0)
      rspec-support (~> 3.12.0)
    rspec-mocks (3.12.0)
      diff-lcs (>= 1.2.0, < 2.0)
      rspec-support (~> 3.12.0)
    rspec-rails (6.0.1)
      actionpack (>= 6.1)
      activesupport (>= 6.1)
      railties (>= 6.1)
      rspec-core (~> 3.11)
      rspec-expectations (~> 3.11)
      rspec-mocks (~> 3.11)
      rspec-support (~> 3.11)
    rspec-support (3.12.0)
    rubocop (1.37.1)
      json (~> 2.3)
      parallel (~> 1.10)
      parser (>= 3.1.2.1)
      rainbow (>= 2.2.2, < 4.0)
      regexp_parser (>= 1.8, < 3.0)
      rexml (>= 3.2.5, < 4.0)
      rubocop-ast (>= 1.23.0, < 2.0)
      ruby-progressbar (~> 1.7)
      unicode-display_width (>= 1.4.0, < 3.0)
    rubocop-ast (1.23.0)
      parser (>= 3.1.1.0)
    rubocop-govuk (4.8.0)
      rubocop (= 1.37.1)
      rubocop-ast (= 1.23.0)
      rubocop-rails (= 2.17.1)
      rubocop-rake (= 0.6.0)
      rubocop-rspec (= 2.14.1)
    rubocop-performance (1.15.0)
      rubocop (>= 1.7.0, < 2.0)
      rubocop-ast (>= 0.4.0)
    rubocop-rails (2.17.1)
      activesupport (>= 4.2.0)
      rack (>= 1.1)
      rubocop (>= 1.33.0, < 2.0)
    rubocop-rake (0.6.0)
      rubocop (~> 1.0)
    rubocop-rspec (2.14.1)
      rubocop (~> 1.33)
    ruby-progressbar (1.11.0)
    ruby-rc4 (0.1.5)
    rubyzip (2.3.2)
    safely_block (0.3.0)
      errbase (>= 0.1.1)
    sanitize (6.0.0)
      crass (~> 1.0.2)
      nokogiri (>= 1.12.0)
    sassc (2.4.0)
      ffi (~> 1.9)
    selenium-webdriver (4.5.0)
      childprocess (>= 0.5, < 5.0)
      rexml (~> 3.2, >= 3.2.5)
      rubyzip (>= 1.2.2, < 3.0)
      websocket (~> 1.0)
    sentry-rails (5.5.0)
      railties (>= 5.0)
      sentry-ruby (~> 5.5.0)
    sentry-ruby (5.5.0)
      concurrent-ruby (~> 1.0, >= 1.0.2)
    show_me_the_cookies (6.0.0)
      capybara (>= 2, < 4)
    simplecov (0.21.2)
      docile (~> 1.1)
      simplecov-html (~> 0.11)
      simplecov_json_formatter (~> 0.1)
    simplecov-html (0.12.3)
    simplecov_json_formatter (0.1.4)
    site_prism (3.7.3)
      addressable (~> 2.6)
      capybara (~> 3.15)
      site_prism-all_there (>= 0.3.1, < 1.0)
    site_prism-all_there (0.3.2)
    sitemap_generator (6.3.0)
      builder (~> 3.0)
    slim (4.1.0)
      temple (>= 0.7.6, < 0.9)
      tilt (>= 2.0.6, < 2.1)
    slim-rails (3.5.1)
      actionpack (>= 3.1)
      railties (>= 3.1)
      slim (>= 3.0, < 5.0)
    sprockets (4.1.1)
      concurrent-ruby (~> 1.0)
      rack (> 1, < 3)
    sprockets-rails (3.4.2)
      actionpack (>= 5.2)
      activesupport (>= 5.2)
      sprockets (>= 3.0.0)
    statsd-ruby (1.5.0)
    stimulus-rails (1.1.1)
      railties (>= 6.0.0)
    temple (0.8.2)
    thor (1.2.1)
    tilt (2.0.11)
    timeout (0.3.0)
    turbo-rails (1.3.2)
      actionpack (>= 6.0.0)
      activejob (>= 6.0.0)
      railties (>= 6.0.0)
    tzinfo (2.0.5)
      concurrent-ruby (~> 1.0)
    uk_postcode (2.1.8)
    unicode-display_width (2.3.0)
    unicorn (6.1.0)
      kgio (~> 2.6)
      raindrops (~> 0.7)
    view_component (2.74.1)
      activesupport (>= 5.0.0, < 8.0)
      concurrent-ruby (~> 1.0)
      method_source (~> 1.0)
    warden (1.2.9)
      rack (>= 2.0.9)
    web-console (4.2.0)
      actionview (>= 6.0.0)
      activemodel (>= 6.0.0)
      bindex (>= 0.4.0)
      railties (>= 6.0.0)
    webrick (1.7.0)
    websocket (1.2.9)
    websocket-driver (0.7.5)
      websocket-extensions (>= 0.1.0)
    websocket-extensions (0.1.5)
    xpath (3.2.0)
      nokogiri (~> 1.8)
    yard (0.9.28)
      webrick (~> 1.7.0)
    yard-junk (0.0.9)
      backports (>= 3.18)
      rainbow
      yard
    zeitwerk (2.6.4)

PLATFORMS
  aarch64-linux-musl
  arm64-darwin-20
  arm64-darwin-21
  x86_64-darwin-19
  x86_64-darwin-20
  x86_64-darwin-21
  x86_64-linux

DEPENDENCIES
  active_hash
  ahoy_matey
  better_errors
  binding_of_caller
  bootsnap
  capybara
  cssbundling-rails
  debug
  devise
  dibber
  dotenv-rails
  dry-inflector
  factory_bot_rails
  faker
  foreman
  govspeak
  govuk-components
  govuk_design_system_formbuilder
  govuk_notify_rails
  grover
  importmap-rails
  jbuilder
  jsbundling-rails
  launchy
  pg
  pry-byebug
  pry-doc
  pry-rails
  puma
  rails (>= 7.0.4)
  redcarpet
  rspec-rails
  rubocop-govuk
  rubocop-performance
  sassc
  selenium-webdriver
  sentry-rails
  sentry-ruby
  show_me_the_cookies
  simplecov
  site_prism
  sitemap_generator
  slim-rails
  sprockets-rails
  stimulus-rails
  turbo-rails
  tzinfo-data
  uk_postcode
  web-console
  yard-junk

RUBY VERSION
   ruby 3.1.2p20

BUNDLED WITH
   2.3.7
